GEM
  remote: http://rubygems.org/
  specs:
    json (1.8.1)
    rack (1.5.2)
    rack-protection (1.5.1)
      rack
    radius (0.7.4)
    rake (10.1.0)
    sinatra (1.4.4)
      rack (~> 1.4)
      rack-protection (~> 1.4)
      tilt (~> 1.3, >= 1.3.4)
    tilt (1.4.1)
    xml-simple (1.1.2)

PLATFORMS
  ruby

DEPENDENCIES
  json
  radius
  rake
  sinatra
  xml-simple
